GEM
  remote: https://rubygems.org/
  specs:
    minitest (5.15.0)
    rbs (2.1.0)

PLATFORMS
  x86_64-darwin-20

DEPENDENCIES
  minitest
  rbs

RUBY VERSION
   ruby 3.0.1p64

BUNDLED WITH
   2.2.15
